GEM
  remote: http://rubygems.org/
  specs:
    ruby-ole (1.2.12)
    spreadsheet (1.1.1)
      ruby-ole (>= 1.0)

PLATFORMS
  ruby

DEPENDENCIES
  spreadsheet (~> 1.1.1)
