PATH
  remote: .
  specs:
    xlstocsv (0.0.2)
      spreadsheet (~> 1.3.0)

GEM
  remote: http://rubygems.org/
  specs:
    rake (13.0.6)
    ruby-ole (1.2.12)
    spreadsheet (1.3.0)
      ruby-ole

PLATFORMS
  ruby

DEPENDENCIES
  rake (~> 13.0.6)
  xlstocsv!

BUNDLED WITH
   2.4.3
