PATH
  remote: .
  specs:
    xlstocsv (0.0.1)
      spreadsheet (~> 1.1.1)

GEM
  remote: http://rubygems.org/
  specs:
    rake (13.0.1)
    ruby-ole (1.2.12)
    spreadsheet (1.1.1)
      ruby-ole (>= 1.0)

PLATFORMS
  ruby

DEPENDENCIES
  rake (~> 13.0.1)
  xlstocsv!

BUNDLED WITH
   1.17.3
